GEM
  remote: https://rubygems.org/
  specs:
    addressable (2.5.1)
      public_suffix (~> 2.0, >= 2.0.2)
    css_parser (1.5.0)
      addressable
    htmlentities (4.3.4)
    mini_portile2 (2.5.1)
    nokogiri (1.11.4)
      mini_portile2 (~> 2.5.0)
      racc (~> 1.4)
    premailer (1.10.4)
      addressable
      css_parser (>= 1.4.10)
      htmlentities (>= 4.0.0)
    public_suffix (2.0.5)
    racc (1.5.2)

PLATFORMS
  ruby

DEPENDENCIES
  nokogiri (>= 1.8.5)
  premailer

BUNDLED WITH
   1.17.1
