GEM
  remote: https://rubygems.org/
  specs:
    addressable (2.8.0)
      public_suffix (>= 2.0.2, < 5.0)
    css_parser (1.5.0)
      addressable
    htmlentities (4.3.4)
    mini_portile2 (2.4.0)
    nokogiri (1.10.10)
      mini_portile2 (~> 2.4.0)
    premailer (1.10.4)
      addressable
      css_parser (>= 1.4.10)
      htmlentities (>= 4.0.0)
    public_suffix (4.0.6)

PLATFORMS
  ruby

DEPENDENCIES
  nokogiri (>= 1.8.5)
  premailer

BUNDLED WITH
   1.17.1
